PATH
  remote: .
  specs:
    embulk-input-slack-history (0.1.0)
      rest-client (>= 1.7.2)

GEM
  remote: http://rubygems.org/
  specs:
    rest-client (1.7.2)
    rake (10.4.2)

PLATFORMS
  ruby

DEPENDENCIES
  bundler (~> 1.0)
  embulk-input-slack-history!
  rake (>= 0.9.2)
